PATH
  remote: .
  specs:
    wheaties (1.0.0)
      eventmachine (~> 1.0, >= 1.0.3)

GEM
  remote: https://rubygems.org/
  specs:
    eventmachine (1.0.3)

PLATFORMS
  ruby

DEPENDENCIES
  wheaties!
